GEM
  remote: https://rubygems.org/
  specs:
    dotenv (3.1.0)
    mini_magick (4.12.0)

PLATFORMS
  arm64-darwin-22

DEPENDENCIES
  dotenv
  mini_magick

RUBY VERSION
   ruby 3.2.2p53

BUNDLED WITH
   2.4.10
