GEM
  remote: https://rubygems.org/
  specs:
    dotenv (3.1.0)
    httparty (0.21.0)
      mini_mime (>= 1.0.0)
      multi_xml (>= 0.5.2)
    mini_magick (4.12.0)
    mini_mime (1.1.5)
    multi_xml (0.6.0)

PLATFORMS
  arm64-darwin-22

DEPENDENCIES
  dotenv
  httparty
  mini_magick

RUBY VERSION
   ruby 3.2.2p53

BUNDLED WITH
   2.4.10
